GIT
  remote: git://github.com/FOMNick/money.git
  revision: 64a0d9b945fe7fd11956ae810c6cfda24c3b61d7
  specs:
    money (1.7.4)
      money

GIT
  remote: git://github.com/bamurphymac/enum_simulator.git
  revision: 6ec11c4f943adb0a1673309d2fabbd12ae198828
  specs:
    enum_simulator (1.0.1)

GIT
  remote: git://github.com/logankoester/pusher-client.git
  revision: 3d38c8bc6d85602f51a148c003eafb0dbdbeae3b
  specs:
    pusher-client (0.2.1)
      libwebsocket (~> 0.1.0)

GIT
  remote: git://github.com/teambox/vestal_versions.git
  revision: 82760a3df7ae927fe6450d72d7be900f7dcdb521
  specs:
    vestal_versions (1.2.2)
      activerecord (>= 3.0.0)
      activesupport (>= 3.0.0)

GEM
  remote: http://rubygems.org/
  remote: http://gems.github.com/
  specs:
    actionmailer (3.1.1)
      actionpack (= 3.1.1)
      mail (~> 2.3.0)
    actionpack (3.1.1)
      activemodel (= 3.1.1)
      activesupport (= 3.1.1)
      builder (~> 3.0.0)
      erubis (~> 2.7.0)
      i18n (~> 0.6)
      rack (~> 1.3.2)
      rack-cache (~> 1.1)
      rack-mount (~> 0.8.2)
      rack-test (~> 0.6.1)
      sprockets (~> 2.0.2)
    activeadmin (0.3.4)
      devise (>= 1.1.2)
      fastercsv
      formtastic (< 2.0.0)
      inherited_resources (< 1.3.0)
      kaminari (>= 0.12.4)
      meta_search (>= 0.9.2)
      rails (>= 3.0.0)
      sass (>= 3.1.0)
    activemodel (3.1.1)
      activesupport (= 3.1.1)
      builder (~> 3.0.0)
      i18n (~> 0.6)
    activerecord (3.1.1)
      activemodel (= 3.1.1)
      activesupport (= 3.1.1)
      arel (~> 2.2.1)
      tzinfo (~> 0.3.29)
    activeresource (3.1.1)
      activemodel (= 3.1.1)
      activesupport (= 3.1.1)
    activesupport (3.1.1)
      multi_json (~> 1.0)
    addressable (2.2.6)
    andand (1.3.1)
    ansi (1.4.1)
    arel (2.2.1)
    bcrypt-ruby (3.0.1)
    blankslate (2.1.2.4)
    builder (3.0.0)
    cancan (1.6.7)
    chunky_png (1.2.5)
    coffee-filter (0.1.1)
      coffee-script (>= 2.2.0)
      haml (>= 3.0.18)
    coffee-rails (3.1.1)
      coffee-script (>= 2.2.0)
      railties (~> 3.1.0)
    coffee-script (2.2.0)
      coffee-script-source
      execjs
    coffee-script-source (1.2.0)
    compass (0.11.6)
      chunky_png (~> 1.2)
      fssm (>= 0.2.7)
      sass (~> 3.1)
    daemons (1.1.5)
    dalli (1.1.4)
    delayed_job (2.1.4)
      activesupport (~> 3.0)
      daemons
    devise (1.5.3)
      bcrypt-ruby (~> 3.0)
      orm_adapter (~> 0.0.3)
      warden (~> 1.1)
    devise_lastseenable (0.0.4)
      devise
      devise
      rails (>= 3.0.4)
      rails (>= 3.0.4)
      warden
      warden
    em-http-request (1.0.0)
      addressable (>= 2.2.3)
      em-socksify
      eventmachine (>= 1.0.0.beta.3)
      http_parser.rb (>= 0.5.2)
    em-socksify (0.1.0)
      eventmachine
    erubis (2.7.0)
    eventmachine (1.0.0.beta.4)
    execjs (1.2.13)
      multi_json (~> 1.0)
    fastercsv (1.5.4)
    formtastic (1.2.4)
      actionpack (>= 2.3.7)
      activesupport (>= 2.3.7)
      i18n (~> 0.4)
    friendly_id (4.0.0)
    fssm (0.2.7)
    haml (3.1.4)
    has_scope (0.5.1)
    heroku (2.17.0)
      launchy (>= 0.3.2)
      rest-client (~> 1.6.1)
      rubyzip
      term-ansicolor (~> 1.0.5)
    hike (1.2.1)
    hpricot (0.8.5)
    http_parser.rb (0.5.3)
    i18n (0.6.0)
    inherited_resources (1.2.2)
      has_scope (~> 0.5.0)
      responders (~> 0.6.0)
    jbuilder (0.3)
      activesupport (>= 3.0.0)
      blankslate (>= 2.1.2.4)
    jquery-rails (1.0.19)
      railties (~> 3.0)
      thor (~> 0.14)
    json (1.6.4)
    kaminari (0.13.0)
      actionpack (>= 3.0.0)
      activesupport (>= 3.0.0)
      railties (>= 3.0.0)
    kgio (2.7.0)
    launchy (2.0.5)
      addressable (~> 2.2.6)
    libwebsocket (0.1.1)
    mail (2.3.0)
      i18n (>= 0.4.0)
      mime-types (~> 1.16)
      treetop (~> 1.4.8)
    meta_search (1.1.1)
      actionpack (~> 3.1.0)
      activerecord (~> 3.1.0)
      activesupport (~> 3.1.0)
      polyamorous (~> 0.5.0)
    mime-types (1.17.2)
    multi_json (1.0.4)
    mysql2 (0.3.6)
    newrelic_rpm (3.3.1)
    orm_adapter (0.0.5)
    pg (0.12.0)
      rake-compiler (~> 0.7)
    polyamorous (0.5.0)
      activerecord (~> 3.0)
    polyglot (0.3.3)
    pusher (0.8.5)
      multi_json (~> 1.0)
      ruby-hmac (~> 0.4.0)
      signature (~> 0.1.2)
    rack (1.3.3)
    rack-cache (1.1)
      rack (>= 0.4)
    rack-mount (0.8.3)
      rack (>= 1.0.0)
    rack-ssl (1.3.2)
      rack
    rack-test (0.6.1)
      rack (>= 1.0)
    rails (3.1.1)
      actionmailer (= 3.1.1)
      actionpack (= 3.1.1)
      activerecord (= 3.1.1)
      activeresource (= 3.1.1)
      activesupport (= 3.1.1)
      bundler (~> 1.0)
      railties (= 3.1.1)
    railties (3.1.1)
      actionpack (= 3.1.1)
      activesupport (= 3.1.1)
      rack-ssl (~> 1.3.2)
      rake (>= 0.8.7)
      rdoc (~> 3.4)
      thor (~> 0.14.6)
    raindrops (0.8.0)
    rake (0.9.2.2)
    rake-compiler (0.7.9)
      rake
    rdoc (3.12)
      json (~> 1.4)
    responders (0.6.4)
    rest-client (1.6.7)
      mime-types (>= 1.16)
    ruby-hmac (0.4.0)
    ruby_parser (2.3.1)
      sexp_processor (~> 3.0)
    rubyzip (0.9.5)
    sass (3.1.7)
    sass-rails (3.1.4)
      actionpack (~> 3.1.0)
      railties (~> 3.1.0)
      sass (>= 3.1.4)
      sprockets (~> 2.0.0)
      tilt (~> 1.3.2)
    sexp_processor (3.0.9)
    signature (0.1.2)
      ruby-hmac
    sprockets (2.0.3)
      hike (~> 1.2)
      rack (~> 1.0)
      tilt (~> 1.1, != 1.3.0)
    squeel (0.9.3)
      activerecord (~> 3.0)
      activesupport (~> 3.0)
      polyamorous (~> 0.5.0)
    term-ansicolor (1.0.7)
    thin (1.3.1)
      daemons (>= 1.0.9)
      eventmachine (>= 0.12.6)
      rack (>= 1.0.0)
    thor (0.14.6)
    tilt (1.3.3)
    timecop (0.3.5)
    treetop (1.4.10)
      polyglot
      polyglot (>= 0.3.1)
    turn (0.8.3)
      ansi
    tzinfo (0.3.31)
    uglifier (1.2.1)
      execjs (>= 0.3.0)
      multi_json (>= 1.0.2)
    unicorn (4.1.1)
      kgio (~> 2.4)
      rack
      raindrops (~> 0.6)
    uuidtools (2.1.2)
    warden (1.1.0)
      rack (>= 1.0)
    zurb-foundation (2.1.4.1)
      jquery-rails (~> 1.0)
      rails (~> 3.1.0)

PLATFORMS
  ruby

DEPENDENCIES
  activeadmin
  activesupport (~> 3.1.0)
  andand
  bcrypt-ruby (>= 2.1.4)
  cancan
  coffee-filter
  coffee-rails (~> 3.1.0)
  compass (>= 0.11.5)
  dalli
  delayed_job
  devise
  devise_lastseenable (>= 0.0.3)
  em-http-request
  enum_simulator!
  execjs
  friendly_id (~> 4.0.0.beta14)
  haml
  has_scope
  heroku
  hpricot
  inherited_resources
  jbuilder
  jquery-rails
  kaminari
  meta_search (>= 1.1.0.pre)
  money!
  mysql2 (< 0.3.7)
  newrelic_rpm
  pg
  pusher
  pusher-client!
  rack (= 1.3.3)
  rails (= 3.1.1)
  responders
  ruby_parser
  sass (= 3.1.7)
  sass-rails
  squeel
  thin
  timecop
  turn
  uglifier
  unicorn
  uuidtools
  vestal_versions!
  zurb-foundation
