GIT
  remote: git://github.com/FOMNick/enum_simulator.git
  revision: 115dc79e7d261e944b1ffd2e8967f4e3c5a87379
  specs:
    enum_simulator (1.0.1)

GIT
  remote: git://github.com/FOMNick/money.git
  revision: 64a0d9b945fe7fd11956ae810c6cfda24c3b61d7
  specs:
    money (1.7.4)
      money

GIT
  remote: git://github.com/FOMNick/supermodel
  revision: 05ae736a293a2b9caffb65a4feafa5692192174f
  specs:
    supermodel (0.1.4)
      activemodel (>= 3.0.0)

GIT
  remote: git://github.com/ctran/annotate_models.git
  revision: 18cd39ad01829deba5aa34634b8540d6675ab978
  specs:
    annotate (2.4.1.beta1)

GIT
  remote: git://github.com/gregbell/active_admin.git
  revision: c7ca5636df7602c18facab3c388e665bf204f445
  specs:
    activeadmin (0.4.4)
      bourbon (>= 1.0.0)
      devise (>= 1.1.2)
      fastercsv
      formtastic (~> 2.1.1)
      inherited_resources (>= 1.3.1)
      jquery-rails (>= 1.0.0)
      kaminari (>= 0.13.0)
      meta_search (>= 0.9.2)
      rails (>= 3.0.0)
      sass (>= 3.1.0)

GIT
  remote: git://github.com/josevalim/active_model_serializers.git
  revision: 5beecd5947de4b25101a7f2e56e88f93e7b31491
  specs:
    active_model_serializers (0.5.0)
      activemodel (~> 3.0)

GIT
  remote: git://github.com/railsjedi/rails_config.git
  revision: 8c99b223060871afd99920a8fdc2a086e95d5380
  specs:
    rails_config (0.3.0)
      activesupport (>= 3.0)

GIT
  remote: git://github.com/rweng/jquery-datatables-rails.git
  revision: 9e88f3c3a858a29492adb710e4801b8f19205ead
  specs:
    jquery-datatables-rails (1.9.1.3)
      jquery-rails

GIT
  remote: git://github.com/seyhunak/twitter-bootstrap-rails.git
  revision: ae711d8161466f3f2758557385f1975dd2f74e4c
  specs:
    twitter-bootstrap-rails (2.0.7)
      actionpack (>= 3.1)
      less-rails (~> 2.2.2)
      railties (>= 3.1)
      therubyracer (~> 0.10.1)

GEM
  remote: http://rubygems.org/
  remote: http://gems.github.com/
  specs:
    actionmailer (3.2.2)
      actionpack (= 3.2.2)
      mail (~> 2.4.0)
    actionpack (3.2.2)
      activemodel (= 3.2.2)
      activesupport (= 3.2.2)
      builder (~> 3.0.0)
      erubis (~> 2.7.0)
      journey (~> 1.0.1)
      rack (~> 1.4.0)
      rack-cache (~> 1.1)
      rack-test (~> 0.6.1)
      sprockets (~> 2.1.2)
    active_utils (1.0.3)
      activesupport (>= 2.3.11)
      i18n
    activemerchant (1.22.0)
      active_utils (>= 1.0.2)
      activesupport (>= 2.3.11)
      builder (>= 2.0.0)
      i18n
      json (>= 1.5.1)
      money
      nokogiri
    activemodel (3.2.2)
      activesupport (= 3.2.2)
      builder (~> 3.0.0)
    activerecord (3.2.2)
      activemodel (= 3.2.2)
      activesupport (= 3.2.2)
      arel (~> 3.0.2)
      tzinfo (~> 0.3.29)
    activeresource (3.2.2)
      activemodel (= 3.2.2)
      activesupport (= 3.2.2)
    activesupport (3.2.2)
      i18n (~> 0.6)
      multi_json (~> 1.0)
    addressable (2.2.8)
    andand (1.3.3)
    ansi (1.4.2)
    archive-tar-minitar (0.5.2)
    arel (3.0.2)
    authorize-net (1.5.2)
      nokogiri (~> 1.4)
    bcrypt-ruby (3.0.1)
    blankslate (2.1.2.4)
    bourbon (2.1.0)
      sass (>= 3.1)
    builder (3.0.0)
    cancan (1.6.7)
    capistrano (2.12.0)
      highline
      net-scp (>= 1.0.0)
      net-sftp (>= 2.0.0)
      net-ssh (>= 2.0.14)
      net-ssh-gateway (>= 1.1.0)
    capistrano-ext (1.2.1)
      capistrano (>= 1.0.0)
    capybara (1.1.2)
      mime-types (>= 1.16)
      nokogiri (>= 1.3.3)
      rack (>= 1.0.0)
      rack-test (>= 0.5.4)
      selenium-webdriver (~> 2.0)
      xpath (~> 0.1.4)
    childprocess (0.3.2)
      ffi (~> 1.0.6)
    chunky_png (1.2.5)
    coffee-filter (0.1.1)
      coffee-script (>= 2.2.0)
      haml (>= 3.0.18)
    coffee-rails (3.2.2)
      coffee-script (>= 2.2.0)
      railties (~> 3.2.0)
    coffee-script (2.2.0)
      coffee-script-source
      execjs
    coffee-script-source (1.3.3)
    columnize (0.3.6)
    commonjs (0.2.6)
    compass (0.12.1)
      chunky_png (~> 1.2)
      fssm (>= 0.2.7)
      sass (~> 3.1)
    compass-rails (1.0.1)
      compass (~> 0.12.0)
    country_select (0.0.2)
    cucumber (1.2.0)
      builder (>= 2.1.2)
      diff-lcs (>= 1.1.3)
      gherkin (~> 2.10.0)
      json (>= 1.4.6)
    cucumber-rails (1.3.0)
      capybara (>= 1.1.2)
      cucumber (>= 1.1.8)
      nokogiri (>= 1.5.0)
    daemons (1.1.8)
    dalli (2.0.5)
    database_cleaner (0.7.1)
    delayed_job (2.1.4)
      activesupport (~> 3.0)
      daemons
    devise (2.1.0)
      bcrypt-ruby (~> 3.0)
      orm_adapter (~> 0.0.7)
      railties (~> 3.1)
      warden (~> 1.1.1)
    devise_invitable (1.0.1)
      devise (>= 2.0.0)
      rails (~> 3.0)
    devise_lastseenable (0.0.4)
      devise
      devise
      rails (>= 3.0.4)
      rails (>= 3.0.4)
      warden
      warden
    diff-lcs (1.1.3)
    dimensions (1.2.0)
    dimensions-rails (1.0.1)
      actionpack (~> 3.0)
      activesupport (~> 3.0)
      dimensions
      railties (~> 3.0)
    email_spec (1.2.1)
      mail (~> 2.2)
      rspec (~> 2.0)
    erubis (2.7.0)
    eventmachine (0.12.10)
    execjs (1.3.2)
      multi_json (~> 1.0)
    fabrication (1.4.0)
    factory_girl (3.3.0)
      activesupport (>= 3.0.0)
    factory_girl_rails (3.3.0)
      factory_girl (~> 3.3.0)
      railties (>= 3.0.0)
    fastercsv (1.5.5)
    ffi (1.0.11)
    foreman (0.46.0)
      thor (>= 0.13.6)
    forgery (0.5.0)
    formtastic (2.1.1)
      actionpack (~> 3.0)
<<<<<<< HEAD
    friendly_id (4.0.5)
    fssm (0.2.9)
    gherkin (2.10.0)
=======
    gherkin (2.9.3)
>>>>>>> 136fd7dacca8889589068221d89bda8762451255
      json (>= 1.4.6)
    gon (3.0.2)
      actionpack (>= 2.3.0)
      json
    gravtastic (3.2.6)
    growl (1.0.3)
    guard (1.0.3)
      ffi (>= 0.5.0)
      thor (>= 0.14.6)
    guard-bundler (0.1.3)
      bundler (>= 1.0.0)
      guard (>= 0.2.2)
    guard-cucumber (0.8.0)
      cucumber (>= 1.2.0)
      guard (>= 0.8.3)
    guard-jasmine (1.1.3)
      childprocess
      guard (>= 0.8.3)
      multi_json
      thor
    guard-rails-assets (0.1.3)
      guard
      rails (>= 3.1.1)
      rake
    guard-rspec (0.7.2)
      guard (>= 0.10.0)
    guard-spork (0.8.0)
      guard (>= 0.10.0)
      spork (>= 0.8.4)
    haml (3.1.6)
    haml-rails (0.3.4)
      actionpack (~> 3.0)
      activesupport (~> 3.0)
      haml (~> 3.0)
      railties (~> 3.0)
    haml_coffee_assets (0.9.1)
      execjs (>= 1.2.9)
      sprockets (>= 2.0.3)
      tilt (>= 1.3.3)
    has_scope (0.5.1)
    highline (1.6.12)
    hike (1.2.1)
    hpricot (0.8.6)
    i18n (0.6.0)
    i18n-js (2.1.2)
      i18n
    inherited_resources (1.3.1)
      has_scope (~> 0.5.0)
      responders (~> 0.6)
    jasmine (1.2.0)
      jasmine-core (>= 1.2.0)
      rack (~> 1.0)
      rspec (>= 1.3.1)
      selenium-webdriver (>= 0.1.3)
    jasmine-core (1.2.0)
    jasminerice (0.0.8)
      haml
    jbuilder (0.4.0)
      activesupport (>= 3.0.0)
      blankslate (>= 2.1.2.4)
    journey (1.0.3)
    jquery-rails (2.0.2)
      railties (>= 3.2.0, < 5.0)
      thor (~> 0.14)
    jquery-ui-rails (0.4.0)
      jquery-rails
      railties (>= 3.1.0)
    jruby-pageant (1.0.2)
    json (1.7.3)
    json_pure (1.7.3)
    juggernaut (2.1.1)
      redis
    kaminari (0.13.0)
      actionpack (>= 3.0.0)
      activesupport (>= 3.0.0)
      railties (>= 3.0.0)
    kickstrap_rails (0.9.0RC)
      less-rails
    less (2.2.1)
      commonjs (~> 0.2.6)
    less-rails (2.2.2)
      actionpack (>= 3.1)
      less (~> 2.2.0)
    libv8 (3.3.10.4)
    libwebsocket (0.1.3)
      addressable
    linecache19 (0.5.12)
      ruby_core_source (>= 0.1.4)
    mail (2.4.4)
      i18n (>= 0.4.0)
      mime-types (~> 1.16)
      treetop (~> 1.4.8)
    mail_view (1.0.2)
    meta_search (1.1.3)
      actionpack (~> 3.1)
      activerecord (~> 3.1)
      activesupport (~> 3.1)
      polyamorous (~> 0.5.0)
    mime-types (1.18)
    modernizr-rails (2.0.6)
    multi_json (1.3.5)
    mysql2 (0.3.11)
    net-scp (1.0.4)
      net-ssh (>= 1.99.1)
    net-sftp (2.0.5)
      net-ssh (>= 2.0.9)
    net-ssh (2.4.0)
      jruby-pageant (>= 1.0.2)
    net-ssh-gateway (1.1.0)
      net-ssh (>= 1.99.1)
    newrelic_rpm (3.3.4.1)
    nokogiri (1.5.2)
    oily_png (1.0.2)
      chunky_png (~> 1.2.1)
    oj (1.2.8)
    orm_adapter (0.0.7)
    paper_trail (2.6.3)
      activerecord (~> 3.0)
      railties (~> 3.0)
    pjax_rails (0.2.1)
      jquery-rails
    polyamorous (0.5.0)
      activerecord (~> 3.0)
    polyglot (0.3.3)
    quantify (3.1.3)
      activesupport (~> 3.0)
      i18n
    rabl (0.6.11)
      activesupport (>= 2.3.14)
      multi_json (~> 1.0)
    rack (1.4.1)
    rack-cache (1.2)
      rack (>= 0.4)
    rack-protection (1.2.0)
      rack
    rack-ssl (1.3.2)
      rack
    rack-test (0.6.1)
      rack (>= 1.0)
    rails (3.2.2)
      actionmailer (= 3.2.2)
      actionpack (= 3.2.2)
      activerecord (= 3.2.2)
      activeresource (= 3.2.2)
      activesupport (= 3.2.2)
      bundler (~> 1.0)
      railties (= 3.2.2)
    railties (3.2.2)
      actionpack (= 3.2.2)
      activesupport (= 3.2.2)
      rack-ssl (~> 1.3.2)
      rake (>= 0.8.7)
      rdoc (~> 3.4)
      thor (~> 0.14.6)
    rake (0.9.2.2)
    rb-fsevent (0.9.1)
    rdoc (3.12)
      json (~> 1.4)
    redis (2.2.2)
    redis-namespace (1.0.3)
      redis (< 3.0.0)
    redis-objects (0.5.2)
      redis (>= 2.1.1)
    responders (0.9.1)
      railties (~> 3.1)
    resque (1.20.0)
      multi_json (~> 1.0)
      redis-namespace (~> 1.0.2)
      sinatra (>= 0.9.2)
      vegas (~> 0.1.2)
    rest-client (1.6.1)
      mime-types (>= 1.16)
    rolify (3.1.0)
    rspec (2.10.0)
      rspec-core (~> 2.10.0)
      rspec-expectations (~> 2.10.0)
      rspec-mocks (~> 2.10.0)
    rspec-core (2.10.0)
    rspec-expectations (2.10.0)
      diff-lcs (~> 1.1.3)
    rspec-mocks (2.10.1)
    rspec-rails (2.10.1)
      actionpack (>= 3.0)
      activesupport (>= 3.0)
      railties (>= 3.0)
      rspec (~> 2.10.0)
    ruby-debug-base19 (0.11.25)
      columnize (>= 0.3.1)
      linecache19 (>= 0.5.11)
      ruby_core_source (>= 0.1.4)
    ruby-debug19 (0.11.6)
      columnize (>= 0.3.1)
      linecache19 (>= 0.5.11)
      ruby-debug-base19 (>= 0.11.19)
    ruby_core_source (0.1.5)
      archive-tar-minitar (>= 0.5.2)
    ruby_parser (2.3.1)
      sexp_processor (~> 3.0)
    rubyzip (0.9.8)
    sass (3.1.18)
    sass-rails (3.2.5)
      railties (~> 3.2.0)
      sass (>= 3.1.10)
      tilt (~> 1.3)
    selenium-webdriver (2.21.2)
      childprocess (>= 0.2.5)
      ffi (~> 1.0)
      libwebsocket (~> 0.1.3)
      multi_json (~> 1.0)
      rubyzip
    sexp_processor (3.2.0)
    shoulda (3.0.1)
      shoulda-context (~> 1.0.0)
      shoulda-matchers (~> 1.0.0)
    shoulda-context (1.0.0)
    shoulda-matchers (1.0.0)
    show_for (0.2.5)
      actionpack (~> 3.0)
      activemodel (~> 3.0)
    showoff-io (0.3.1)
      highline (>= 1.6.1)
      json_pure
      net-ssh (>= 2.1.0)
      rest-client (= 1.6.1)
    simple_form (2.0.2)
      actionpack (~> 3.0)
      activemodel (~> 3.0)
    sinatra (1.3.2)
      rack (~> 1.3, >= 1.3.6)
      rack-protection (~> 1.2)
      tilt (~> 1.3, >= 1.3.3)
    spork (1.0.0rc2)
    spork-rails (3.2.0)
      rails (>= 3.0.0, < 3.3.0)
      spork (>= 1.0rc0)
    sprockets (2.1.3)
      hike (~> 1.2)
      rack (~> 1.0)
      tilt (~> 1.1, != 1.3.0)
    squeel (1.0.1)
      activerecord (~> 3.0)
      activesupport (~> 3.0)
      polyamorous (~> 0.5.0)
    therubyracer (0.10.1)
      libv8 (~> 3.3.10)
    thin (1.3.1)
      daemons (>= 1.0.9)
      eventmachine (>= 0.12.6)
      rack (>= 1.0.0)
    thor (0.14.6)
    tilt (1.3.3)
    timecop (0.3.5)
    traceroute (0.2.2)
      rails (>= 3.0.0)
    transitions (0.0.17)
    treetop (1.4.10)
      polyglot
      polyglot (>= 0.3.1)
    turn (0.8.2)
      ansi (>= 1.2.2)
    tzinfo (0.3.33)
    uglifier (1.2.4)
      execjs (>= 0.3.0)
      multi_json (>= 1.0.2)
    uuidtools (2.1.2)
    valium (0.5.0)
      activerecord (>= 3.0.2)
    vegas (0.1.11)
      rack (>= 1.0.0)
    warden (1.1.1)
      rack (>= 1.0)
    will_paginate (3.0.3)
    wirble (0.1.3)
    xpath (0.1.4)
      nokogiri (~> 1.3)
    yajl-ruby (1.1.0)
    yaml_db (0.2.3)
    zurb-foundation (2.2.1.1)
      jquery-rails (>= 1.0)
      railties (>= 3.1.0, < 4.0)

PLATFORMS
  ruby

DEPENDENCIES
  active_model_serializers!
  activeadmin!
  activemerchant
  activesupport (~> 3.2.2)
  andand
  annotate!
  authorize-net (~> 1.5.2)
  bcrypt-ruby (>= 2.1.4)
  cancan
  capistrano
  capistrano-ext
  coffee-filter
  coffee-rails (~> 3.2.1)
  compass-rails
  country_select
  cucumber-rails
  dalli
  database_cleaner (= 0.7.1)
  delayed_job (< 3.0)
  devise
  devise_invitable
  devise_lastseenable (>= 0.0.3)
  dimensions-rails
  email_spec
  enum_simulator!
  execjs
  fabrication
  factory_girl_rails
  foreman
  forgery (= 0.5.0)
  gon
  gravtastic
  growl
  guard
  guard-bundler
  guard-cucumber
  guard-jasmine
  guard-rails-assets
  guard-rspec
  guard-spork
  haml
  haml-rails
  haml_coffee_assets
  has_scope
  hpricot
  i18n-js
  inherited_resources
  jasmine
  jasminerice
  jbuilder
  jquery-datatables-rails!
  jquery-rails
  jquery-ui-rails
  juggernaut
  kickstrap_rails
  mail_view
  meta_search (>= 1.1.0.pre)
  modernizr-rails
  money!
  multi_json
  mysql2
  newrelic_rpm
  oily_png
  oj
  paper_trail
  pjax_rails
  quantify (~> 3.1.2)
  rabl
  rack
  rails (= 3.2.2)
  rails_config!
  rb-fsevent
  redis
  redis-objects
  responders
  resque
  rest-client
  rolify
  rspec-rails
  ruby-debug19
  ruby_parser
  sass-rails (~> 3.2.3)
  shoulda
  show_for
  showoff-io
  simple_form
  spork-rails
  squeel
  supermodel!
  therubyracer
  thin
  timecop
  traceroute
  transitions
  turn (< 0.8.3)
  twitter-bootstrap-rails!
  uglifier (>= 1.0.3)
  uuidtools
  valium
  will_paginate
  wirble
  yajl-ruby
  yaml_db
  zurb-foundation
